GEM
  remote: https://rubygems.org/
  specs:
    json (1.8.3)
    meli (1.0.2)
    rake (11.1.2)

PLATFORMS
  ruby

DEPENDENCIES
  json
  meli
  rake

BUNDLED WITH
   1.11.2
